GEM
  remote: https://rubygems.org/
  specs:
    actioncable (5.0.0.1)
      actionpack (= 5.0.0.1)
      nio4r (~> 1.2)
      websocket-driver (~> 0.6.1)
    actionmailer (5.0.0.1)
      actionpack (= 5.0.0.1)
      actionview (= 5.0.0.1)
      activejob (= 5.0.0.1)
      mail (~> 2.5, >= 2.5.4)
      rails-dom-testing (~> 2.0)
    actionpack (5.0.0.1)
      actionview (= 5.0.0.1)
      activesupport (= 5.0.0.1)
      rack (~> 2.0)
      rack-test (~> 0.6.3)
      rails-dom-testing (~> 2.0)
      rails-html-sanitizer (~> 1.0, >= 1.0.2)
    actionview (5.0.0.1)
      activesupport (= 5.0.0.1)
      builder (~> 3.1)
      erubis (~> 2.7.0)
      rails-dom-testing (~> 2.0)
      rails-html-sanitizer (~> 1.0, >= 1.0.2)
    active_link_to (1.0.3)
      actionpack
    activejob (5.0.0.1)
      activesupport (= 5.0.0.1)
      globalid (>= 0.3.6)
    activemodel (5.0.0.1)
      activesupport (= 5.0.0.1)
    activerecord (5.0.0.1)
      activemodel (= 5.0.0.1)
      activesupport (= 5.0.0.1)
      arel (~> 7.0)
    activerecord-postgis-adapter (4.0.2)
      activerecord (~> 5.0.0)
      rgeo-activerecord (~> 5.0.0)
    activesupport (5.0.0.1)
      concurrent-ruby (~> 1.0, >= 1.0.2)
      i18n (~> 0.7)
      minitest (~> 5.1)
      tzinfo (~> 1.1)
    addressable (2.4.0)
    appsignal (1.3.6)
      rack
      thread_safe
    arel (7.1.1)
    autoprefixer-rails (6.4.0)
      execjs
    bcrypt (3.1.11)
    bootstrap-sass (3.3.7)
      autoprefixer-rails (>= 5.2.1)
      sass (>= 3.3.4)
    builder (3.2.2)
    byebug (9.0.5)
    capybara (2.4.4)
      mime-types (>= 1.16)
      nokogiri (>= 1.3.3)
      rack (>= 1.0.0)
      rack-test (>= 0.5.4)
      xpath (~> 2.0)
    chartkick (2.2.1)
    cocoon (1.2.8)
    concurrent-ruby (1.0.2)
    daemons (1.2.4)
    database_cleaner (1.4.1)
    debug_inspector (0.0.2)
    delayed_job (4.1.2)
      activesupport (>= 3.0, < 5.1)
    delayed_job_active_record (4.1.1)
      activerecord (>= 3.0, < 5.1)
      delayed_job (>= 3.0, < 5)
    devise (4.2.0)
      bcrypt (~> 3.0)
      orm_adapter (~> 0.1)
      railties (>= 4.1.0, < 5.1)
      responders
      warden (~> 1.2.3)
    devise-i18n (1.1.1)
    devise-i18n-views (0.3.7)
    diff-lcs (1.2.5)
    domain_name (0.5.20160826)
      unf (>= 0.0.5, < 1.0.0)
    domp (0.0.7)
    dragonfly (1.1.1)
      addressable (~> 2.3)
      multi_json (~> 1.0)
      rack (>= 1.3)
    elasticsearch (2.0.0)
      elasticsearch-api (= 2.0.0)
      elasticsearch-transport (= 2.0.0)
    elasticsearch-api (2.0.0)
      multi_json
    elasticsearch-transport (2.0.0)
      faraday
      multi_json
    email_spec (1.6.0)
      launchy (~> 2.1)
      mail (~> 2.2)
    erubis (2.7.0)
    ethon (0.10.1)
      ffi (>= 1.3.0)
    execjs (2.7.0)
    factory_girl (4.7.0)
      activesupport (>= 3.0.0)
    factory_girl_rails (4.7.0)
      factory_girl (~> 4.7.0)
      railties (>= 3.0.0)
    faraday (0.9.2)
      multipart-post (>= 1.2, < 3)
    ffi (1.9.14)
    font-awesome-sass (4.7.0)
      sass (>= 3.2)
    globalid (0.3.7)
      activesupport (>= 4.1.0)
    groupdate (3.1.1)
      activesupport (>= 3)
    haml (4.0.7)
      tilt
    hashie (3.4.6)
    http-cookie (1.0.3)
      domain_name (~> 0.5)
    i18n (0.7.0)
    jbuilder (2.6.0)
      activesupport (>= 3.0.0, < 5.1)
      multi_json (~> 1.2)
    jquery-rails (4.2.1)
      rails-dom-testing (>= 1, < 3)
      railties (>= 4.2.0)
      thor (>= 0.14, < 2.0)
    jquery-ui-rails (5.0.5)
      railties (>= 3.2.16)
    jwt (1.5.6)
    kaminari (0.16.3)
      actionpack (>= 3.0.0)
      activesupport (>= 3.0.0)
    kaminari-bootstrap (3.0.1)
      kaminari (>= 0.13.0)
      rails
    launchy (2.4.3)
      addressable (~> 2.3)
    letter_opener (1.4.1)
      launchy (~> 2.2)
    letter_opener_web (1.3.0)
      actionmailer (>= 3.2)
      letter_opener (~> 1.0)
      railties (>= 3.2)
    listen (3.0.8)
      rb-fsevent (~> 0.9, >= 0.9.4)
      rb-inotify (~> 0.9, >= 0.9.7)
    loofah (2.0.3)
      nokogiri (>= 1.5.9)
    mail (2.6.4)
      mime-types (>= 1.16, < 4)
    mailjet (1.4.9)
      activesupport (>= 3.1.0)
      rack (>= 1.4.0)
      rest-client
    method_source (0.8.2)
    mime-types (3.1)
      mime-types-data (~> 3.2015)
    mime-types-data (3.2016.0521)
    mini_portile2 (2.1.0)
    minitest (5.9.0)
    multi_json (1.12.1)
    multi_xml (0.5.5)
    multipart-post (2.0.0)
    netrc (0.11.0)
    nio4r (1.2.1)
    nokogiri (1.6.8)
      mini_portile2 (~> 2.1.0)
      pkg-config (~> 1.1.7)
    oauth2 (1.2.0)
      faraday (>= 0.8, < 0.10)
      jwt (~> 1.0)
      multi_json (~> 1.3)
      multi_xml (~> 0.5)
      rack (>= 1.2, < 3)
    oj (2.18.0)
    omniauth (1.3.1)
      hashie (>= 1.2, < 4)
      rack (>= 1.0, < 3)
    omniauth-facebook (4.0.0)
      omniauth-oauth2 (~> 1.2)
    omniauth-google-oauth2 (0.4.1)
      jwt (~> 1.5.2)
      multi_json (~> 1.3)
      omniauth (>= 1.1.1)
      omniauth-oauth2 (>= 1.3.1)
    omniauth-oauth2 (1.4.0)
      oauth2 (~> 1.0)
      omniauth (~> 1.2)
    orm_adapter (0.5.0)
    pg (0.18.4)
    pkg-config (1.1.7)
    puma (3.6.0)
    rack (2.0.1)
    rack-rewrite (1.5.1)
    rack-test (0.6.3)
      rack (>= 1.0)
    rails (5.0.0.1)
      actioncable (= 5.0.0.1)
      actionmailer (= 5.0.0.1)
      actionpack (= 5.0.0.1)
      actionview (= 5.0.0.1)
      activejob (= 5.0.0.1)
      activemodel (= 5.0.0.1)
      activerecord (= 5.0.0.1)
      activesupport (= 5.0.0.1)
      bundler (>= 1.3.0, < 2.0)
      railties (= 5.0.0.1)
      sprockets-rails (>= 2.0.0)
    rails-dom-testing (2.0.1)
      activesupport (>= 4.2.0, < 6.0)
      nokogiri (~> 1.6.0)
    rails-html-sanitizer (1.0.3)
      loofah (~> 2.0)
    rails_12factor (0.0.3)
      rails_serve_static_assets
      rails_stdout_logging
    rails_serve_static_assets (0.0.5)
    rails_stdout_logging (0.0.5)
    railties (5.0.0.1)
      actionpack (= 5.0.0.1)
      activesupport (= 5.0.0.1)
      method_source
      rake (>= 0.8.7)
      thor (>= 0.18.1, < 2.0)
    rake (11.2.2)
    rb-fsevent (0.9.7)
    rb-inotify (0.9.7)
      ffi (>= 0.5.0)
    redcarpet (3.3.4)
    responders (2.3.0)
      railties (>= 4.2.0, < 5.1)
    rest-client (2.0.0)
      http-cookie (>= 1.0.2, < 2.0)
      mime-types (>= 1.16, < 4.0)
      netrc (~> 0.8)
    rgeo (0.5.3)
    rgeo-activerecord (5.0.1)
      activerecord (~> 5.0.0)
      rgeo (~> 0.3)
    route_translator (5.0.2)
      actionpack (>= 5.0.0, < 5.1)
      activesupport (>= 5.0.0, < 5.1)
    rspec (3.5.0)
      rspec-core (~> 3.5.0)
      rspec-expectations (~> 3.5.0)
      rspec-mocks (~> 3.5.0)
    rspec-core (3.5.3)
      rspec-support (~> 3.5.0)
    rspec-expectations (3.5.0)
      diff-lcs (>= 1.2.0, < 2.0)
      rspec-support (~> 3.5.0)
    rspec-mocks (3.5.0)
      diff-lcs (>= 1.2.0, < 2.0)
      rspec-support (~> 3.5.0)
    rspec-rails (3.5.2)
      actionpack (>= 3.0)
      activesupport (>= 3.0)
      railties (>= 3.0)
      rspec-core (~> 3.5.0)
      rspec-expectations (~> 3.5.0)
      rspec-mocks (~> 3.5.0)
      rspec-support (~> 3.5.0)
    rspec-support (3.5.0)
    sass (3.4.22)
    sass-rails (5.0.6)
      railties (>= 4.0.0, < 6)
      sass (~> 3.1)
      sprockets (>= 2.8, < 4.0)
      sprockets-rails (>= 2.0, < 4.0)
      tilt (>= 1.1, < 3)
    searchkick (1.4.0)
      activemodel
      elasticsearch (>= 1)
      hashie
    seed_dump (3.2.4)
      activerecord (>= 4)
      activesupport (>= 4)
    seedbank (0.4.0)
    shoulda-matchers (2.8.0)
      activesupport (>= 3.0.0)
    simple_form (3.2.1)
      actionpack (> 4, < 5.1)
      activemodel (> 4, < 5.1)
    spring (1.7.2)
    spring-watcher-listen (2.0.0)
      listen (>= 2.7, < 4.0)
      spring (~> 1.2)
    sprockets (3.7.0)
      concurrent-ruby (~> 1.0)
      rack (> 1, < 3)
    sprockets-rails (3.2.0)
      actionpack (>= 4.0)
      activesupport (>= 4.0)
      sprockets (>= 3.0.0)
    thor (0.19.1)
    thread_safe (0.3.5)
    tilt (2.0.5)
    turbolinks (5.0.1)
      turbolinks-source (~> 5)
    turbolinks-source (5.0.0)
    typhoeus (1.1.2)
      ethon (>= 0.9.0)
    tzinfo (1.2.2)
      thread_safe (~> 0.1)
    uglifier (3.0.2)
      execjs (>= 0.3.0, < 3)
    unf (0.1.4)
      unf_ext
    unf_ext (0.0.7.2)
    warden (1.2.6)
      rack (>= 1.0)
    web-console (3.3.1)
      actionview (>= 5.0)
      activemodel (>= 5.0)
      debug_inspector
      railties (>= 5.0)
    websocket-driver (0.6.4)
      websocket-extensions (>= 0.1.0)
    websocket-extensions (0.1.2)
    xpath (2.0.0)
      nokogiri (~> 1.3)

PLATFORMS
  ruby

DEPENDENCIES
  active_link_to
  activerecord-postgis-adapter
  appsignal
  bootstrap-sass
  byebug (~> 9.0)
  capybara
  chartkick
  cocoon
  daemons
  database_cleaner
  delayed_job_active_record
  devise
  devise-i18n
  devise-i18n-views
  domp
  dragonfly
  email_spec
  factory_girl_rails
  font-awesome-sass
  groupdate
  haml
  jbuilder (~> 2.6)
  jquery-rails (~> 4.2)
  jquery-ui-rails
  kaminari
  kaminari-bootstrap
  letter_opener
  letter_opener_web
  listen (~> 3.0)
  mailjet
  oj
  omniauth
  omniauth-facebook
  omniauth-google-oauth2
  pg (~> 0.18)
  puma (~> 3.6)
  rack-rewrite
  rails (~> 5.0, < 5.1)
  rails_12factor
  redcarpet
  route_translator
  rspec (~> 3.5)
  rspec-rails
  sass-rails (~> 5.0)
  searchkick
  seed_dump
  seedbank
  shoulda-matchers
  simple_form
  spring (~> 1.7)
  spring-watcher-listen (~> 2.0)
  turbolinks (~> 5.0)
  typhoeus
  tzinfo-data
  uglifier (~> 3.0)
  web-console (~> 3.3)

RUBY VERSION
   ruby 2.3.1p112

BUNDLED WITH
   1.15.1
